GEM
  remote: https://rubygems.org/
  specs:
    concurrent-ruby (1.2.2)
    diff-lcs (1.5.0)
    i18n (1.14.1)
      concurrent-ruby (~> 1.0)
    jmespath (1.6.2)
    json (2.6.3-java)
    mime-types (3.4.1)
      mime-types-data (~> 3.2015)
    mime-types-data (3.2023.0218.1)
    tzinfo (2.0.6)
      concurrent-ruby (~> 1.0)

PLATFORMS
  universal-java-17

DEPENDENCIES
  concurrent-ruby
  diff-lcs
  i18n
  jmespath
  json
  mime-types
  tzinfo

RUBY VERSION
   ruby 3.1.0p0 (jruby 9.4.2.0)

BUNDLED WITH
   2.3.25
